GEM
  remote: http://rubygems.org/
  specs:
    activesupport (4.0.0)
      i18n (~> 0.6, >= 0.6.4)
      minitest (~> 4.2)
      multi_json (~> 1.3)
      thread_safe (~> 0.1)
      tzinfo (~> 0.3.37)
    atomic (1.1.13)
    git (1.2.5)
    i18n (0.6.5)
    maruku (0.6.1)
      syntax (>= 1.0.0)
    minitest (4.7.5)
    multi_json (1.7.9)
    rake (10.1.0)
    syntax (1.0.0)
    thread_safe (0.1.2)
      atomic
    tzinfo (0.3.37)

PLATFORMS
  ruby

DEPENDENCIES
  activesupport
  git
  maruku
  rake
